PATH
  remote: .
  specs:
    weather_by_ip (0.0.1)
      api_object (>= 0.3)
      geo_ip

GEM
  remote: https://rubygems.org/
  specs:
    activesupport (3.2.6)
      i18n (~> 0.6)
      multi_json (~> 1.0)
    api_object (0.3.3)
      activesupport
      nori (>= 1.1)
      rest-client (>= 1.6)
    geo_ip (0.5.0)
      json (~> 1.4)
      rest-client (~> 1.6.1)
    i18n (0.6.0)
    json (1.7.3)
    mime-types (1.18)
    minitest (3.0.1)
    multi_json (1.3.6)
    nori (1.1.0)
    rest-client (1.6.7)
      mime-types (>= 1.16)

PLATFORMS
  ruby

DEPENDENCIES
  minitest
  weather_by_ip!
